GEM
  remote: https://rubygems.org/
  specs:
    awesome_print (1.1.0)
    curl (0.0.9)
      awesome_print (>= 0.2.1)
      unidecoder (>= 1.1.1)
    haml (4.0.1)
      tilt
    json (1.8.0)
    rack (1.5.2)
    rack-protection (1.5.0)
      rack
    sinatra (1.4.2)
      rack (~> 1.5, >= 1.5.2)
      rack-protection (~> 1.4)
      tilt (~> 1.3, >= 1.3.4)
    tilt (1.4.1)
    unidecoder (1.1.1)

PLATFORMS
  ruby

DEPENDENCIES
  curl
  haml
  json
  sinatra
